GIT
  remote: git://github.com/smoku/nested_form.git
  revision: a6dc05024800c4180160bec86eacb3ea27f41cc8
  specs:
    nested_form (0.3.2)

GEM
  remote: https://rubygems.org/
  specs:
    actionmailer (4.2.7.1)
      actionpack (= 4.2.7.1)
      actionview (= 4.2.7.1)
      activejob (= 4.2.7.1)
      mail (~> 2.5, >= 2.5.4)
      rails-dom-testing (~> 1.0, >= 1.0.5)
    actionpack (4.2.7.1)
      actionview (= 4.2.7.1)
      activesupport (= 4.2.7.1)
      rack (~> 1.6)
      rack-test (~> 0.6.2)
      rails-dom-testing (~> 1.0, >= 1.0.5)
      rails-html-sanitizer (~> 1.0, >= 1.0.2)
    actionview (4.2.7.1)
      activesupport (= 4.2.7.1)
      builder (~> 3.1)
      erubis (~> 2.7.0)
      rails-dom-testing (~> 1.0, >= 1.0.5)
      rails-html-sanitizer (~> 1.0, >= 1.0.2)
    activejob (4.2.7.1)
      activesupport (= 4.2.7.1)
      globalid (>= 0.3.0)
    activemodel (4.2.7.1)
      activesupport (= 4.2.7.1)
      builder (~> 3.1)
    activerecord (4.2.7.1)
      activemodel (= 4.2.7.1)
      activesupport (= 4.2.7.1)
      arel (~> 6.0)
    activesupport (4.2.7.1)
      i18n (~> 0.7)
      json (~> 1.7, >= 1.7.7)
      minitest (~> 5.1)
      thread_safe (~> 0.3, >= 0.3.4)
      tzinfo (~> 1.1)
    addressable (2.4.0)
    airbrake (4.3.8)
      builder
      multi_json
    airbrussh (1.1.1)
      sshkit (>= 1.6.1, != 1.7.0)
    annotate (2.7.1)
      activerecord (>= 3.2, < 6.0)
      rake (>= 10.4, < 12.0)
    apipie-rails (0.3.6)
      json
    arel (6.0.3)
    autoprefixer-rails (6.5.3)
      execjs
    aws_cf_signer (0.1.3)
    bcrypt (3.1.11)
    binding_of_caller (0.7.2)
      debug_inspector (>= 0.0.1)
    bootstrap-sass (3.3.7)
      autoprefixer-rails (>= 5.2.1)
      sass (>= 3.3.4)
    builder (3.2.2)
    bullet (5.4.0)
      activesupport (>= 3.0.0)
      uniform_notifier (~> 1.10.0)
    capistrano (3.6.1)
      airbrussh (>= 1.0.0)
      capistrano-harrow
      i18n
      rake (>= 10.0.0)
      sshkit (>= 1.9.0)
    capistrano-bundler (1.2.0)
      capistrano (~> 3.1)
      sshkit (~> 1.2)
    capistrano-harrow (0.5.3)
    capistrano-passenger (0.2.0)
      capistrano (~> 3.0)
    capistrano-rails (1.2.0)
      capistrano (~> 3.1)
      capistrano-bundler (~> 1.1)
    capistrano-rbenv (2.0.3)
      capistrano (~> 3.1)
      sshkit (~> 1.3)
    capistrano3-delayed-job (1.7.2)
      capistrano (~> 3.0, >= 3.0.0)
    capybara (2.8.1)
      addressable
      mime-types (>= 1.16)
      nokogiri (>= 1.3.3)
      rack (>= 1.0.0)
      rack-test (>= 0.5.4)
      xpath (~> 2.0)
    carrierwave (0.11.2)
      activemodel (>= 3.2.0)
      activesupport (>= 3.2.0)
      json (>= 1.7)
      mime-types (>= 1.16)
      mimemagic (>= 0.3.0)
    choice (0.2.0)
    cloudinary (1.2.3)
      aws_cf_signer
      rest-client
    codeclimate-test-reporter (0.6.0)
      simplecov (>= 0.7.1, < 1.0.0)
    coderay (1.1.1)
    coffee-rails (4.1.1)
      coffee-script (>= 2.2.0)
      railties (>= 4.0.0, < 5.1.x)
    coffee-script (2.4.1)
      coffee-script-source
      execjs
    coffee-script-source (1.10.0)
    concurrent-ruby (1.0.2)
    countries (2.0.5)
      i18n_data (~> 0.7.0)
      money (~> 6.7)
      unicode_utils (~> 1.4)
    daemons (1.2.4)
    database_cleaner (1.5.3)
    debug_inspector (0.0.2)
    delayed_job (4.1.2)
      activesupport (>= 3.0, < 5.1)
    delayed_job_active_record (4.1.1)
      activerecord (>= 3.0, < 5.1)
      delayed_job (>= 3.0, < 5)
    devise (4.0.3)
      bcrypt (~> 3.0)
      orm_adapter (~> 0.1)
      railties (>= 4.1.0, < 5.1)
      responders
      warden (~> 1.2.3)
    devise_token_auth (0.1.37)
      devise (> 3.5.2, < 4.1)
      rails (< 6)
    diff-lcs (1.2.5)
    docile (1.1.5)
    domain_name (0.5.20160826)
      unf (>= 0.0.5, < 1.0.0)
    dotenv (2.1.1)
    dotenv-rails (2.1.1)
      dotenv (= 2.1.1)
      railties (>= 4.0, < 5.1)
    draper (2.1.0)
      actionpack (>= 3.0)
      activemodel (>= 3.0)
      activesupport (>= 3.0)
      request_store (~> 1.0)
    enumerize (2.0.1)
      activesupport (>= 3.2)
    erubis (2.7.0)
    execjs (2.7.0)
    factory_girl (4.7.0)
      activesupport (>= 3.0.0)
    factory_girl_rails (4.7.0)
      factory_girl (~> 4.7.0)
      railties (>= 3.0.0)
    faker (1.7.2)
      i18n (~> 0.5)
    faraday (0.12.1)
      multipart-post (>= 1.2, < 3)
    gcm (0.1.1)
      httparty
      json
    geokit (1.10.0)
    geokit-rails (2.2.0)
      geokit (~> 1.5)
      rails (>= 3.0)
    globalid (0.3.7)
      activesupport (>= 4.1.0)
    hashie (3.5.5)
    http-cookie (1.0.2)
      domain_name (~> 0.5)
    httparty (0.14.0)
      multi_xml (>= 0.5.2)
    httpclient (2.8.3)
    i18n (0.7.0)
    i18n_data (0.7.0)
    jbuilder (2.5.0)
      activesupport (>= 3.0.0, < 5.1)
      multi_json (~> 1.2)
    jquery-rails (4.1.1)
      rails-dom-testing (>= 1, < 3)
      railties (>= 4.2.0)
      thor (>= 0.14, < 2.0)
    json (1.8.3)
    jwt (1.5.6)
    kaminari (0.17.0)
      actionpack (>= 3.0.0)
      activesupport (>= 3.0.0)
    koala (2.4.0)
      addressable
      faraday
      multi_json (>= 1.3.0)
    launchy (2.4.3)
      addressable (~> 2.3)
    letter_opener (1.4.1)
      launchy (~> 2.2)
    loofah (2.0.3)
      nokogiri (>= 1.5.9)
    mail (2.6.4)
      mime-types (>= 1.16, < 4)
    maruku (0.7.2)
    method_source (0.8.2)
    mime-types (3.1)
      mime-types-data (~> 3.2015)
    mime-types-data (3.2016.0521)
    mimemagic (0.3.2)
    mini_magick (4.6.0)
    mini_portile2 (2.1.0)
    minitest (5.9.0)
    monetize (1.4.0)
      money (~> 6.7)
    money (6.7.1)
      i18n (>= 0.6.4, <= 0.7.0)
      sixarm_ruby_unaccent (>= 1.1.1, < 2)
    money-rails (1.6.2)
      activesupport (>= 3.0)
      monetize (~> 1.4.0)
      money (~> 6.7)
      railties (>= 3.0)
    multi_json (1.12.1)
    multi_xml (0.6.0)
    multipart-post (2.0.0)
    net-scp (1.2.1)
      net-ssh (>= 2.6.5)
    net-ssh (3.2.0)
    netrc (0.11.0)
    nokogiri (1.6.8)
      mini_portile2 (~> 2.1.0)
      pkg-config (~> 1.1.7)
    oauth2 (1.4.0)
      faraday (>= 0.8, < 0.13)
      jwt (~> 1.0)
      multi_json (~> 1.3)
      multi_xml (~> 0.5)
      rack (>= 1.2, < 3)
    omniauth (1.6.1)
      hashie (>= 3.4.6, < 3.6.0)
      rack (>= 1.6.2, < 3)
    omniauth-facebook (4.0.0)
      omniauth-oauth2 (~> 1.2)
    omniauth-oauth2 (1.4.0)
      oauth2 (~> 1.0)
      omniauth (~> 1.2)
    orm_adapter (0.5.0)
    paper_trail (5.2.2)
      activerecord (>= 3.0, < 6.0)
      request_store (~> 1.1)
    pg (0.18.4)
    pg_array_parser (0.0.9)
    pkg-config (1.1.7)
    postgres_ext (3.0.0)
      activerecord (>= 4.0.0)
      arel (>= 4.0.1)
      pg_array_parser (~> 0.0.9)
    pry (0.10.3)
      coderay (~> 1.1.0)
      method_source (~> 0.8.1)
      slop (~> 3.4)
    pry-rails (0.3.4)
      pry (>= 0.9.10)
    pundit (1.1.0)
      activesupport (>= 3.0.0)
    pusher (1.3.0)
      httpclient (~> 2.7)
      multi_json (~> 1.0)
      pusher-signature (~> 0.1.8)
    pusher-signature (0.1.8)
    rack (1.6.8)
    rack-cors (0.4.0)
    rack-test (0.6.3)
      rack (>= 1.0)
    rails (4.2.7.1)
      actionmailer (= 4.2.7.1)
      actionpack (= 4.2.7.1)
      actionview (= 4.2.7.1)
      activejob (= 4.2.7.1)
      activemodel (= 4.2.7.1)
      activerecord (= 4.2.7.1)
      activesupport (= 4.2.7.1)
      bundler (>= 1.3.0, < 2.0)
      railties (= 4.2.7.1)
      sprockets-rails
    rails-deprecated_sanitizer (1.0.3)
      activesupport (>= 4.2.0.alpha)
    rails-dom-testing (1.0.7)
      activesupport (>= 4.2.0.beta, < 5.0)
      nokogiri (~> 1.6.0)
      rails-deprecated_sanitizer (>= 1.0.1)
    rails-erd (1.5.0)
      activerecord (>= 3.2)
      activesupport (>= 3.2)
      choice (~> 0.2.0)
      ruby-graphviz (~> 1.2)
    rails-html-sanitizer (1.0.3)
      loofah (~> 2.0)
    rails_12factor (0.0.3)
      rails_serve_static_assets
      rails_stdout_logging
    rails_serve_static_assets (0.0.5)
    rails_stdout_logging (0.0.4)
    railties (4.2.7.1)
      actionpack (= 4.2.7.1)
      activesupport (= 4.2.7.1)
      rake (>= 0.8.7)
      thor (>= 0.18.1, < 2.0)
    rake (11.2.2)
    rdoc (4.2.2)
      json (~> 1.4)
    redcarpet (3.4.0)
    request_store (1.1.0)
    responders (2.2.0)
      railties (>= 4.2.0, < 5.1)
    rest-client (2.0.0)
      http-cookie (>= 1.0.2, < 2.0)
      mime-types (>= 1.16, < 4.0)
      netrc (~> 0.8)
    rspec-core (3.4.4)
      rspec-support (~> 3.4.0)
    rspec-expectations (3.4.0)
      diff-lcs (>= 1.2.0, < 2.0)
      rspec-support (~> 3.4.0)
    rspec-mocks (3.4.1)
      diff-lcs (>= 1.2.0, < 2.0)
      rspec-support (~> 3.4.0)
    rspec-rails (3.4.2)
      actionpack (>= 3.0, < 4.3)
      activesupport (>= 3.0, < 4.3)
      railties (>= 3.0, < 4.3)
      rspec-core (~> 3.4.0)
      rspec-expectations (~> 3.4.0)
      rspec-mocks (~> 3.4.0)
      rspec-support (~> 3.4.0)
    rspec-support (3.4.1)
    rspec_junit_formatter (0.2.3)
      builder (< 4)
      rspec-core (>= 2, < 4, != 2.12.0)
    ruby-graphviz (1.2.2)
    sass (3.4.22)
    sass-rails (5.0.4)
      railties (>= 4.0.0, < 5.0)
      sass (~> 3.1)
      sprockets (>= 2.8, < 4.0)
      sprockets-rails (>= 2.0, < 4.0)
      tilt (>= 1.1, < 3)
    sdoc (0.4.1)
      json (~> 1.7, >= 1.7.7)
      rdoc (~> 4.0)
    simple_form (3.3.1)
      actionpack (> 4, < 5.1)
      activemodel (> 4, < 5.1)
    simplecov (0.12.0)
      docile (~> 1.1.0)
      json (>= 1.8, < 3)
      simplecov-html (~> 0.10.0)
    simplecov-html (0.10.0)
    sixarm_ruby_unaccent (1.1.1)
    slackistrano (3.1.0)
      capistrano (>= 3.5.0)
    slim (3.0.3)
      temple (~> 0.7.3)
      tilt (>= 1.3.3, < 2.1)
    slop (3.6.0)
    spring (1.7.1)
    sprockets (3.7.0)
      concurrent-ruby (~> 1.0)
      rack (> 1, < 3)
    sprockets-rails (3.1.1)
      actionpack (>= 4.0)
      activesupport (>= 4.0)
      sprockets (>= 3.0.0)
    sshkit (1.11.4)
      net-scp (>= 1.1.2)
      net-ssh (>= 2.8.0)
    svg-flags-rails (1.0.0.pre.beta2)
      railties (>= 4.0)
    temple (0.7.5)
    thor (0.19.1)
    thread_safe (0.3.5)
    tilt (2.0.4)
    turbolinks (2.5.3)
      coffee-rails
    tzinfo (1.2.2)
      thread_safe (~> 0.1)
    uglifier (3.0.0)
      execjs (>= 0.3.0, < 3)
    unf (0.1.4)
      unf_ext
    unf_ext (0.0.7.2)
    unicode_utils (1.4.0)
    uniform_notifier (1.10.0)
    warden (1.2.6)
      rack (>= 1.0)
    web-console (2.3.0)
      activemodel (>= 4.0)
      binding_of_caller (>= 0.7.2)
      railties (>= 4.0)
      sprockets-rails (>= 2.0, < 4.0)
    xpath (2.0.0)
      nokogiri (~> 1.3)

PLATFORMS
  ruby

DEPENDENCIES
  airbrake (~> 4.3)
  annotate (~> 2.7)
  apipie-rails
  bootstrap-sass (~> 3.3.7)
  bullet (~> 5.4)
  capistrano (~> 3.6)
  capistrano-bundler (~> 1.2)
  capistrano-passenger (~> 0.2)
  capistrano-rails (~> 1.2)
  capistrano-rbenv (~> 2.0)
  capistrano3-delayed-job (~> 1.7)
  capybara (~> 2.8)
  carrierwave (~> 0.11)
  cloudinary (~> 1.2)
  codeclimate-test-reporter (~> 0.6)
  coffee-rails (~> 4.1.0)
  countries (~> 2.0)
  daemons (~> 1.2)
  database_cleaner
  delayed_job_active_record (~> 4.1)
  devise_token_auth (~> 0.1)
  dotenv-rails (~> 2.1)
  draper (~> 2.1)
  enumerize (~> 2.0)
  factory_girl_rails (~> 4.7)
  faker (~> 1.7)
  gcm (~> 0.1)
  geokit (~> 1.10)
  geokit-rails (~> 2.2)
  jbuilder (~> 2.0)
  jquery-rails
  kaminari (~> 0.17)
  koala (~> 2.4)
  letter_opener
  maruku
  mini_magick (~> 4.6)
  money-rails (~> 1.6)
  nested_form!
  omniauth (~> 1.6)
  omniauth-facebook (~> 4.0)
  paper_trail (~> 5.2)
  pg (~> 0.15)
  postgres_ext (~> 3.0)
  pry-rails
  pundit (~> 1.1)
  pusher (~> 1.3)
  rack-cors (~> 0.4)
  rails (= 4.2.7.1)
  rails-erd (~> 1.5)
  rails_12factor
  redcarpet (~> 3.4)
  rspec-rails (~> 3.4)
  rspec_junit_formatter (~> 0.2)
  sass-rails (~> 5.0)
  sdoc (~> 0.4.0)
  simple_form (~> 3.3)
  simplecov (~> 0.12)
  slackistrano (~> 3.1)
  slim (~> 3.0)
  spring
  svg-flags-rails (= 1.0.0.pre.beta2)
  turbolinks
  uglifier (>= 1.3.0)
  web-console (~> 2.0)

BUNDLED WITH
   1.15.1
